GEM
  remote: https://rubygems.org/
  specs:
    activemodel (4.2.5)
      activesupport (= 4.2.5)
      builder (~> 3.1)
    activerecord (4.2.5)
      activemodel (= 4.2.5)
      activesupport (= 4.2.5)
      arel (~> 6.0)
    activesupport (4.2.5)
      i18n (~> 0.7)
      json (~> 1.7, >= 1.7.7)
      minitest (~> 5.1)
      thread_safe (~> 0.3, >= 0.3.4)
      tzinfo (~> 1.1)
    addressable (2.4.0)
    annotate (2.7.0)
      activerecord (>= 3.2, < 6.0)
      rake (~> 10.4)
    arel (6.0.3)
    bcrypt (3.1.10)
    builder (3.2.2)
    capybara (2.6.0)
      addressable
      mime-types (>= 1.16)
      nokogiri (>= 1.3.3)
      rack (>= 1.0.0)
      rack-test (>= 0.5.4)
      xpath (~> 2.0)
    cucumber (2.3.2)
      builder (>= 2.1.2)
      cucumber-core (~> 1.4.0)
      cucumber-wire (~> 0.0.1)
      diff-lcs (>= 1.1.3)
      gherkin (~> 3.2.0)
      multi_json (>= 1.7.5, < 2.0)
      multi_test (>= 0.1.2)
    cucumber-core (1.4.0)
      gherkin (~> 3.2.0)
    cucumber-wire (0.0.1)
    diff-lcs (1.2.5)
    dotenv (2.1.0)
    enumerable-lazy (0.0.1)
    enumerize (1.1.1)
      activesupport (>= 3.2)
    gherkin (3.2.0)
    haml (4.0.7)
      tilt
    i18n (0.7.0)
    json (1.8.3)
    mail (2.6.3)
      mime-types (>= 1.16, < 3)
    mime-types (2.99)
    mini_portile2 (2.0.0)
    minitest (5.8.4)
    moneta (0.7.20)
    multi_json (1.11.2)
    multi_test (0.1.2)
    mustermann19 (0.4.0)
      enumerable-lazy
    mysql2 (0.4.2)
    nokogiri (1.6.7.2)
      mini_portile2 (~> 2.0.0.rc2)
    padrino (0.13.1)
      padrino-admin (= 0.13.1)
      padrino-cache (= 0.13.1)
      padrino-core (= 0.13.1)
      padrino-gen (= 0.13.1)
      padrino-helpers (= 0.13.1)
      padrino-mailer (= 0.13.1)
      padrino-support (= 0.13.1)
    padrino-admin (0.13.1)
      padrino-core (= 0.13.1)
      padrino-helpers (= 0.13.1)
    padrino-cache (0.13.1)
      moneta (~> 0.7.0)
      padrino-core (= 0.13.1)
      padrino-helpers (= 0.13.1)
    padrino-core (0.13.1)
      activesupport (>= 3.1)
      mustermann19
      padrino-support (= 0.13.1)
      rack-protection (>= 1.5.0)
      sinatra (~> 1.4.6)
      thor (~> 0.18)
    padrino-gen (0.13.1)
      bundler (~> 1.0)
      padrino-core (= 0.13.1)
    padrino-helpers (0.13.1)
      i18n (~> 0.6, >= 0.6.7)
      padrino-support (= 0.13.1)
      tilt (~> 1.4.1)
    padrino-mailer (0.13.1)
      mail (~> 2.5)
      padrino-core (= 0.13.1)
    padrino-support (0.13.1)
      activesupport (>= 3.1)
    rack (1.6.4)
    rack-protection (1.5.3)
      rack
    rack-test (0.6.3)
      rack (>= 1.0)
    rake (10.5.0)
    rspec (3.4.0)
      rspec-core (~> 3.4.0)
      rspec-expectations (~> 3.4.0)
      rspec-mocks (~> 3.4.0)
    rspec-core (3.4.1)
      rspec-support (~> 3.4.0)
    rspec-expectations (3.4.0)
      diff-lcs (>= 1.2.0, < 2.0)
      rspec-support (~> 3.4.0)
    rspec-mocks (3.4.1)
      diff-lcs (>= 1.2.0, < 2.0)
      rspec-support (~> 3.4.0)
    rspec-support (3.4.1)
    sinatra (1.4.6)
      rack (~> 1.4)
      rack-protection (~> 1.4)
      tilt (>= 1.3, < 3)
    thor (0.19.1)
    thread_safe (0.3.5)
    tilt (1.4.1)
    tzinfo (1.2.2)
      thread_safe (~> 0.1)
    xpath (2.0.0)
      nokogiri (~> 1.3)

PLATFORMS
  ruby

DEPENDENCIES
  activerecord (>= 3.1)
  annotate
  bcrypt
  capybara
  cucumber
  dotenv
  enumerize
  haml
  mysql2
  padrino (= 0.13.1)
  rack-test
  rake
  rspec

BUNDLED WITH
   1.10.6
